PATH
  remote: .
  specs:
    aws-s3 (0.6.3)

GEM
  specs:

PLATFORMS
  ruby

DEPENDENCIES
  aws-s3!
